GEM
  remote: https://rubygems.org/
  specs:
    minitest (5.17.0)

PLATFORMS
  x86_64-darwin-21
  x86_64-darwin-23

DEPENDENCIES
  minitest (= 5.17.0)

BUNDLED WITH
   2.4.1
